PATH
  remote: .
  specs:
    propel (0.4.3)
      json
      rake

GEM
  remote: http://rubygems.org/
  specs:
    diff-lcs (1.1.2)
    json (1.5.1)
    rake (0.9.2)
    rspec (2.5.0)
      rspec-core (~> 2.5.0)
      rspec-expectations (~> 2.5.0)
      rspec-mocks (~> 2.5.0)
    rspec-core (2.5.1)
    rspec-expectations (2.5.0)
      diff-lcs (~> 1.1.2)
    rspec-mocks (2.5.0)
    stub_shell (0.0.2)

PLATFORMS
  ruby

DEPENDENCIES
  propel!
  rspec (~> 2.5.0)
  stub_shell (= 0.0.2)
